GEM
  remote: https://rubygems.org/
  specs:
    alsa-rawmidi (0.4.0)
      ffi (~> 1.15, >= 1.15.5)
    ffi (1.17.2)
    ffi (1.17.2-arm64-darwin)
    ffi-coremidi (0.5.1)
      ffi (~> 1.15, >= 1.15.5)
    midi-jruby (0.2.0)
    midi-winmm (0.1.10)
      ffi (>= 1.0)
    ruby-termios (1.1.0)
    uart (1.0.0)
      ruby-termios
    unimidi (0.5.1)
      alsa-rawmidi (~> 0.4, >= 0.4.0)
      ffi-coremidi (~> 0.5, >= 0.5.1)
      midi-jruby (~> 0.2, >= 0.2.0)
      midi-winmm (~> 0.1, >= 0.1.10)

PLATFORMS
  arm64-darwin-24
  ruby

DEPENDENCIES
  uart
  unimidi

BUNDLED WITH
   2.6.9
